GEM
  specs:
    i18n (0.8.6)

PLATFORMS
  ruby

DEPENDENCIES
  i18n
